GEM
  remote: https://rubygems.org/
  specs:
    configatron (4.5.0)
    rake (11.3.0)
    rake-funnel (0.18.0)
      configatron (~> 4.5)
      rake (>= 10.4, < 12)
      rubyzip (~> 1.0)
      smart_colored
    rubyzip (1.2.0)
    smart_colored (1.1.1)

PLATFORMS
  ruby
  x64-mingw32
  x86-mingw32

DEPENDENCIES
  rake-funnel

BUNDLED WITH
   1.13.7
