GEM
  remote: https://rubygems.org/
  specs:
    configatron (4.5.0)
    rake (10.4.2)
    rake-funnel (0.0.1.pre)
      configatron (~> 4.5)
      rake
      rubyzip (~> 1.0)
      smart_colored
    rubyzip (1.1.7)
    smart_colored (1.1.1)

PLATFORMS
  x86-mingw32

DEPENDENCIES
  rake-funnel
