RESTRICTION: || (== net40) (== net451)
NUGET
  remote: https://www.nuget.org/api/v2
    Antlr (3.5.0.2)
    jQuery (3.3.1) - content: none
    Microsoft.AspNet.SignalR (2.2.3) - content: none
      Microsoft.AspNet.SignalR.JS (>= 2.2.3)
      Microsoft.AspNet.SignalR.SystemWeb (>= 2.2.3)
    Microsoft.AspNet.SignalR.Client (2.2.3) - content: none
      Newtonsoft.Json (>= 6.0.4)
    Microsoft.AspNet.SignalR.Core (2.2.3) - content: none
      Microsoft.Owin (>= 2.1)
      Microsoft.Owin.Security (>= 2.1)
      Newtonsoft.Json (>= 6.0.4)
      Owin (>= 1.0)
    Microsoft.AspNet.SignalR.JS (2.2.3) - content: none
      jQuery (>= 1.6.4)
    Microsoft.AspNet.SignalR.SystemWeb (2.2.3) - content: none
      Microsoft.AspNet.SignalR.Core (>= 2.2.3)
      Microsoft.Owin.Host.SystemWeb (>= 2.1)
    Microsoft.AspNet.Web.Optimization (1.1.3)
      Microsoft.Web.Infrastructure (>= 1.0)
      WebGrease (>= 1.5.2)
    Microsoft.Owin (4.0) - content: none
      Owin (>= 1.0)
    Microsoft.Owin.Host.SystemWeb (4.0) - content: none
      Microsoft.Owin (>= 4.0)
      Owin (>= 1.0)
    Microsoft.Owin.Security (4.0) - content: none
      Microsoft.Owin (>= 4.0)
      Owin (>= 1.0)
    Microsoft.Web.Infrastructure (1.0)
    Minimod.RxMessageBroker (0.0.1) - content: once
    Newtonsoft.Json (11.0.1) - content: none
    NLog (4.4.13)
    Owin (1.0) - content: none
    System.Reactive (3.1.1)
      System.Reactive.PlatformServices (>= 3.1.1)
      System.Reactive.Windows.Threading (>= 3.1.1) - restriction: || (&& (== net40) (>= net45)) (&& (== net40) (>= win81)) (&& (== net40) (>= wpa81)) (== net451)
    System.Reactive.Core (3.1.1) - restriction: || (&& (== net40) (>= net45)) (&& (== net40) (>= win81)) (&& (== net40) (>= wpa81)) (== net451)
      System.Reactive.Interfaces (>= 3.1.1) - restriction: || (&& (== net40) (>= netstandard1.0)) (== net451)
    System.Reactive.Interfaces (3.1.1) - restriction: || (&& (== net40) (>= net45)) (&& (== net40) (>= netstandard1.0) (>= win81)) (&& (== net40) (>= wpa81)) (== net451)
    System.Reactive.Linq (3.1.1)
      System.Reactive.Core (>= 3.1.1) - restriction: || (&& (== net40) (>= netstandard1.0)) (== net451)
    System.Reactive.PlatformServices (3.1.1)
      System.Reactive.Linq (>= 3.1.1)
    System.Reactive.Windows.Threading (3.1.1) - restriction: || (&& (== net40) (>= net45)) (&& (== net40) (>= win81)) (&& (== net40) (>= wpa81)) (== net451)
      System.Reactive.Core (>= 3.1.1)
    WebGrease (1.6)
      Antlr (>= 3.4.1.9004)
      Newtonsoft.Json (>= 5.0.4)

GROUP Build
NUGET
  remote: https://www.nuget.org/api/v2
    MSBuild.Microsoft.VisualStudio.Web.targets (14.0.0.3)
    vswhere (2.4.1)

GROUP Test
NUGET
  remote: https://www.nuget.org/api/v2
    Chutzpah (4.3.7)
    NUnit (2.6.5)
    NUnit.Runners (2.6.5)
