FRAMEWORK: NET451, NET40
NUGET
  remote: https://www.nuget.org/api/v2
    Antlr (3.5.0.2) - framework: net40, net451
    Chutzpah (3.3.1) - framework: net40, net451
    jQuery (3.1.1) - content: none, framework: net40, net451
    Microsoft.AspNet.SignalR (2.2.2) - content: none, framework: net40, net451
      Microsoft.AspNet.SignalR.JS (>= 2.2.2) - framework: net40, net451
      Microsoft.AspNet.SignalR.SystemWeb (>= 2.2.2) - framework: net40, net451
    Microsoft.AspNet.SignalR.Client (2.2.2) - content: none, framework: net40, net451
      Newtonsoft.Json (>= 6.0.4) - framework: net40, net451
    Microsoft.AspNet.SignalR.Core (2.2.2) - content: none, framework: net40, net451
      Microsoft.Owin (>= 2.1) - framework: net40, net451
      Microsoft.Owin.Security (>= 2.1) - framework: net40, net451
      Newtonsoft.Json (>= 6.0.4) - framework: net40, net451
      Owin (>= 1.0) - framework: net40, net451
    Microsoft.AspNet.SignalR.JS (2.2.2) - content: none, framework: net40, net451
      jQuery (>= 1.6.4) - framework: net40, net451
    Microsoft.AspNet.SignalR.SystemWeb (2.2.2) - content: none, framework: net40, net451
      Microsoft.AspNet.SignalR.Core (>= 2.2.2) - framework: net40, net451
      Microsoft.Owin.Host.SystemWeb (>= 2.1) - framework: net40, net451
    Microsoft.AspNet.Web.Optimization (1.1.3) - framework: net40, net451
      Microsoft.Web.Infrastructure (>= 1.0) - framework: net40, net451
      WebGrease (>= 1.5.2) - framework: net40, net451
    Microsoft.Owin (3.1) - content: none, framework: net40, net451
      Owin (>= 1.0) - framework: net40, net451
    Microsoft.Owin.Host.SystemWeb (3.1) - content: none, framework: net40, net451
      Microsoft.Owin (>= 3.1) - framework: net40, net451
      Owin (>= 1.0) - framework: net40, net451
    Microsoft.Owin.Security (3.1) - content: none, framework: net40, net451
      Microsoft.Owin (>= 3.1) - framework: net40, net451
      Owin (>= 1.0) - framework: net40, net451
    Microsoft.Web.Infrastructure (1.0) - framework: net40, net451
    Minimod.RxMessageBroker (0.0.1) - framework: net40, net451
    MSBuild.Microsoft.VisualStudio.Web.targets (14.0.0.3) - framework: net40, net451
    Newtonsoft.Json (10.0.2) - content: none, framework: net40, net451
    NLog (4.4.9) - framework: net40, net451
    NUnit (2.6.4) - framework: net40, net451
    NUnit.Runners (2.6.4) - framework: net40, net451
    Owin (1.0) - content: none, framework: net40, net451
    System.Reactive (3.1.1) - framework: net40, net451
      System.Reactive.PlatformServices (>= 3.1.1) - framework: net40, net451
      System.Reactive.Windows.Threading (>= 3.1.1) - framework: net451
    System.Reactive.Core (3.1.1) - framework: net40, net451
      System.Reactive.Interfaces (>= 3.1.1) - framework: net451
    System.Reactive.Interfaces (3.1.1) - framework: net451
    System.Reactive.Linq (3.1.1) - framework: net40, net451
      System.Reactive.Core (>= 3.1.1) - framework: net451
    System.Reactive.PlatformServices (3.1.1) - framework: net40, net451
      System.Reactive.Linq (>= 3.1.1) - framework: net40, net451
    System.Reactive.Windows.Threading (3.1.1) - framework: net451
      System.Reactive.Core (>= 3.1.1) - framework: net40, net451
    WebGrease (1.6) - framework: net40, net451
      Antlr (>= 3.4.1.9004) - framework: net40, net451
      Newtonsoft.Json (>= 5.0.4) - framework: net40, net451
