NUGET
  remote: https://www.nuget.org/api/v2
  specs:
    Antlr (3.4.1.9004)
    Chutzpah (3.2.2)
    JasmineTest (2.0.0)
    jQuery (2.1.1)
    Microsoft.AspNet.SignalR (2.1.0)
      Microsoft.AspNet.SignalR.JS (>= 2.1.0)
      Microsoft.AspNet.SignalR.SystemWeb (>= 2.1.0)
    Microsoft.AspNet.SignalR.Client (1.2.1)
      Newtonsoft.Json (>= 4.5.11)
    Microsoft.AspNet.SignalR.Core (2.1.0)
      Microsoft.Owin (>= 2.0.1)
      Microsoft.Owin.Security (>= 2.0.1)
      Newtonsoft.Json (>= 5.0.0)
      Owin (>= 1.0)
    Microsoft.AspNet.SignalR.JS (2.1.0)
      jQuery (>= 1.6.4)
    Microsoft.AspNet.SignalR.SystemWeb (2.1.0)
      Microsoft.AspNet.SignalR.Core (>= 2.1.0)
      Microsoft.Owin.Host.SystemWeb (>= 2.0.1)
    Microsoft.AspNet.Web.Optimization (1.1.3)
      Microsoft.Web.Infrastructure (>= 1.0.0)
      WebGrease (>= 1.5.2)
    Microsoft.Owin (2.1.0)
      Owin (>= 1.0)
    Microsoft.Owin.Host.SystemWeb (2.1.0)
      Microsoft.Owin (>= 2.1.0) - >= net40, >= net45
      Microsoft.Web.Infrastructure (>= 1.0.0.0) - >= net40 < net45
      Owin (>= 1.0) - >= net40, >= net45
    Microsoft.Owin.Security (2.1.0)
      Microsoft.Owin (>= 2.1.0)
      Owin (>= 1.0)
    Microsoft.Web.Infrastructure (1.0.0.0)
    Minimod.RxMessageBroker (0.0.1)
    Newtonsoft.Json (6.0.6)
    NLog (3.2.0.0)
    NUnit (2.6.3)
    NUnit.Runners (2.6.3)
    Owin (1.0)
    Rx-Core (2.2.5)
      Rx-Interfaces (>= 2.2.5)
    Rx-Interfaces (2.2.5)
    Rx-Linq (2.2.5)
      Rx-Core (>= 2.2.5)
      Rx-Interfaces (>= 2.2.5)
    Rx-Main (2.2.5)
      Rx-Core (>= 2.2.5)
      Rx-Interfaces (>= 2.2.5)
      Rx-Linq (>= 2.2.5)
      Rx-PlatformServices (>= 2.2.5)
    Rx-PlatformServices (2.2.5)
      Rx-Core (>= 2.2.5)
      Rx-Interfaces (>= 2.2.5)
    WebGrease (1.5.2)
      Antlr (>= 3.4.1.9004)
      Newtonsoft.Json (>= 5.0.4)
